PATH
  remote: .
  specs:
    paybox (0.0.1)
      activemodel
      activesupport
      httparty
      i18n

GEM
  remote: http://rubygems.org/
  specs:
    activemodel (3.0.3)
      activesupport (= 3.0.3)
      builder (~> 2.1.2)
      i18n (~> 0.4)
    activesupport (3.0.3)
    builder (2.1.2)
    crack (0.1.8)
    diff-lcs (1.1.2)
    fakeweb (1.3.0)
    httparty (0.6.1)
      crack (= 0.1.8)
    i18n (0.5.0)
    rspec (2.2.0)
      rspec-core (~> 2.2)
      rspec-expectations (~> 2.2)
      rspec-mocks (~> 2.2)
    rspec-core (2.2.1)
    rspec-expectations (2.2.0)
      diff-lcs (~> 1.1.2)
    rspec-mocks (2.2.0)

PLATFORMS
  ruby

DEPENDENCIES
  activemodel
  activesupport
  bundler
  fakeweb
  httparty
  i18n
  paybox!
  rspec
  rspec-core
  rspec-expectations
