PATH
  remote: .
  specs:
    paybox (0.0.1)
      activemodel
      activesupport
      activevalidators
      httparty
      i18n

GEM
  remote: http://rubygems.org/
  specs:
    activemodel (3.0.3)
      activesupport (= 3.0.3)
      builder (~> 2.1.2)
      i18n (~> 0.4)
    activerecord (3.0.3)
      activemodel (= 3.0.3)
      activesupport (= 3.0.3)
      arel (~> 2.0.2)
      tzinfo (~> 0.3.23)
    activesupport (3.0.3)
    activevalidators (1.2.4)
      activemodel (>= 3.0.0)
      activerecord (>= 3.0.0)
      date_validator (= 0.5.9)
      mail
    arel (2.0.6)
    builder (2.1.2)
    crack (0.1.8)
    date_validator (0.5.9)
      activemodel (>= 3.0.0)
    diff-lcs (1.1.2)
    fakeweb (1.3.0)
    httparty (0.6.1)
      crack (= 0.1.8)
    i18n (0.5.0)
    mail (2.2.12)
      activesupport (>= 2.3.6)
      i18n (>= 0.4.0)
      mime-types (~> 1.16)
      treetop (~> 1.4.8)
    mime-types (1.16)
    polyglot (0.3.1)
    rspec (2.2.0)
      rspec-core (~> 2.2)
      rspec-expectations (~> 2.2)
      rspec-mocks (~> 2.2)
    rspec-core (2.2.1)
    rspec-expectations (2.2.0)
      diff-lcs (~> 1.1.2)
    rspec-mocks (2.2.0)
    treetop (1.4.9)
      polyglot (>= 0.3.1)
    tzinfo (0.3.23)

PLATFORMS
  ruby

DEPENDENCIES
  activemodel
  activesupport
  activevalidators
  bundler
  fakeweb
  httparty
  i18n
  paybox!
  rspec
  rspec-core
  rspec-expectations
