PATH
  remote: .
  specs:
    paybox (0.0.1)
      activesupport
      i18n

GEM
  remote: http://rubygems.org/
  specs:
    activesupport (3.0.3)
    diff-lcs (1.1.2)
    fakeweb (1.3.0)
    i18n (0.5.0)
    rspec (2.2.0)
      rspec-core (~> 2.2)
      rspec-expectations (~> 2.2)
      rspec-mocks (~> 2.2)
    rspec-core (2.2.1)
    rspec-expectations (2.2.0)
      diff-lcs (~> 1.1.2)
    rspec-mocks (2.2.0)

PLATFORMS
  ruby

DEPENDENCIES
  activesupport
  bundler
  fakeweb
  i18n
  paybox!
  rspec
  rspec-core
  rspec-expectations
